GEM
  remote: https://rubygems.org/
  specs:
    awesome_print (1.2.0)
    colored (1.2)
    colorist (0.0.2)
    digiusb (1.0.5)
      colored (>= 1.2)
      colorist (>= 0.0.2)
      libusb (>= 0.2.0)
    ffi (1.9.6)
    libusb (0.4.1)
      ffi (>= 1.0)
    serialport (1.3.1)

PLATFORMS
  ruby

DEPENDENCIES
  awesome_print
  digiusb
  serialport
